GEM
  remote: http://rubygems.org/
  specs:
    active_model_serializers (0.5.2)
      activemodel (~> 3.0)
    activemodel (3.2.8)
      activesupport (= 3.2.8)
      builder (~> 3.0.0)
    activerecord (3.2.8)
      activemodel (= 3.2.8)
      activesupport (= 3.2.8)
      arel (~> 3.0.2)
      tzinfo (~> 0.3.29)
    activesupport (3.2.8)
      i18n (~> 0.6)
      multi_json (~> 1.0)
    arel (3.0.2)
    binding_of_caller (0.6.7)
    builder (3.0.0)
    coderay (1.0.7)
    delayed_job (3.0.3)
      activesupport (~> 3.0)
    delayed_job_active_record (0.3.2)
      activerecord (> 2.1.0)
      delayed_job (~> 3.0.0)
    git (1.2.5)
    heimdallr (1.0.4)
      activemodel (>= 3.0.0)
      activesupport (>= 3.0.0)
    i18n (0.6.1)
    jeweler (1.8.4)
      bundler (~> 1.0)
      git (>= 1.2.5)
      rake
      rdoc
    json (1.7.5)
    method_source (0.8)
    multi_json (1.3.6)
    pry (0.9.10)
      coderay (~> 1.0.5)
      method_source (~> 0.8)
      slop (~> 3.3.1)
    pry-doc (0.4.4)
      pry (>= 0.9.9.6)
      yard (~> 0.8.1)
    pry-nav (0.2.2)
      pry (~> 0.9.10)
    pry-remote (0.1.6)
      pry (~> 0.9)
      slop (~> 3.0)
    pry-stack_explorer (0.4.5)
      binding_of_caller (~> 0.6.2)
    rake (0.9.2.2)
    rdoc (3.12)
      json (~> 1.4)
    slop (3.3.3)
    sqlite3 (1.3.6)
    timecop (0.4.5)
    tzinfo (0.3.33)
    yard (0.8.2.1)

PLATFORMS
  ruby

DEPENDENCIES
  active_model_serializers
  activerecord
  activesupport
  delayed_job_active_record
  heimdallr
  jeweler (~> 1.8.3)
  pry
  pry-doc
  pry-nav
  pry-remote
  pry-stack_explorer
  rdoc (~> 3.12)
  sqlite3
  timecop
